PATH
  remote: .
  specs:
    embulk-parser-xpath (0.0.1)
      nokogiri (~> 1.6)

GEM
  remote: https://rubygems.org/
  specs:
    nokogiri (1.6.7.1-java)
    rake (10.4.2)

PLATFORMS
  java

DEPENDENCIES
  bundler (~> 1.0)
  embulk-parser-xpath!
  rake (~> 10.0)

BUNDLED WITH
   1.10.6
